GEM
  remote: http://rubygems.org/
  specs:
    right_aws (2.0.0)
      right_http_connection (>= 1.2.1)
    right_http_connection (1.2.4)
    selenium-client (1.2.18)

PLATFORMS
  ruby

DEPENDENCIES
  right_aws
  selenium-client
