GEM
  remote: http://rubygems.org/
  specs:
    activemodel (3.0.2)
      activesupport (= 3.0.2)
      builder (~> 2.1.2)
      i18n (~> 0.4.1)
    activerecord (3.0.2)
      activemodel (= 3.0.2)
      activesupport (= 3.0.2)
      arel (~> 2.0.2)
      tzinfo (~> 0.3.23)
    activesupport (3.0.2)
    arel (2.0.2)
    builder (2.1.2)
    columnize (0.3.2)
    daemons (1.1.0)
    i18n (0.4.2)
    linecache (0.43)
    right_aws (2.0.0)
      right_http_connection (>= 1.2.1)
    right_http_connection (1.2.4)
    ruby-debug (0.10.4)
      columnize (>= 0.1)
      ruby-debug-base (~> 0.10.4.0)
    ruby-debug-base (0.10.4)
      linecache (>= 0.3)
    selenium-client (1.2.18)
    tzinfo (0.3.23)

PLATFORMS
  ruby

DEPENDENCIES
  activerecord
  daemons
  right_aws
  ruby-debug
  selenium-client
